GEM
  remote: https://rubygems.org/
  specs:
    coderay (1.1.3)
    diff-lcs (1.4.4)
    dotenv (2.7.6)
    json (2.5.1)
    method_source (1.0.0)
    mini_portile2 (2.5.0)
    nokogiri (1.11.1)
      mini_portile2 (~> 2.5.0)
      racc (~> 1.4)
    nokogiri (1.11.1-x86_64-linux)
      racc (~> 1.4)
    open-uri (0.1.0)
    pp (0.2.0)
      prettyprint
    prettyprint (0.1.0)
    pry (0.13.1)
      coderay (~> 1.1)
      method_source (~> 1.0)
    racc (1.5.2)
    rspec (3.10.0)
      rspec-core (~> 3.10.0)
      rspec-expectations (~> 3.10.0)
      rspec-mocks (~> 3.10.0)
    rspec-core (3.10.1)
      rspec-support (~> 3.10.0)
    rspec-expectations (3.10.1)
      diff-lcs (>= 1.2.0, < 2.0)
      rspec-support (~> 3.10.0)
    rspec-mocks (3.10.1)
      diff-lcs (>= 1.2.0, < 2.0)
      rspec-support (~> 3.10.0)
    rspec-support (3.10.1)

PLATFORMS
  ruby
  x86_64-linux

DEPENDENCIES
  dotenv
  json
  nokogiri
  open-uri
  pp
  pry
  rspec

RUBY VERSION
   ruby 2.7.1p83

BUNDLED WITH
   2.2.6
